PATH
  remote: .
  specs:
    paperclip-vips (1.1.0)
      kt-paperclip (>= 5.0.0)
      ruby-vips (~> 2.0.13)

GEM
  remote: https://rubygems.org/
  specs:
    activemodel (6.1.0)
      activesupport (= 6.1.0)
    activesupport (6.1.0)
      concurrent-ruby (~> 1.0, >= 1.0.2)
      i18n (>= 1.6, < 2)
      minitest (>= 5.1)
      tzinfo (~> 2.0)
      zeitwerk (~> 2.3)
    byebug (11.0.1)
    climate_control (0.2.0)
    concurrent-ruby (1.1.7)
    diff-lcs (1.3)
    ffi (1.11.1)
    i18n (1.8.5)
      concurrent-ruby (~> 1.0)
    kt-paperclip (6.4.0)
      activemodel (>= 4.2.0)
      activesupport (>= 4.2.0)
      mime-types
      mimemagic (~> 0.3.0)
      terrapin (~> 0.6.0)
    mime-types (3.3.1)
      mime-types-data (~> 3.2015)
    mime-types-data (3.2020.1104)
    mimemagic (0.3.5)
    minitest (5.14.2)
    rake (10.5.0)
    rspec (3.8.0)
      rspec-core (~> 3.8.0)
      rspec-expectations (~> 3.8.0)
      rspec-mocks (~> 3.8.0)
    rspec-core (3.8.0)
      rspec-support (~> 3.8.0)
    rspec-expectations (3.8.3)
      diff-lcs (>= 1.2.0, < 2.0)
      rspec-support (~> 3.8.0)
    rspec-mocks (3.8.0)
      diff-lcs (>= 1.2.0, < 2.0)
      rspec-support (~> 3.8.0)
    rspec-support (3.8.0)
    ruby-vips (2.0.13)
      ffi (~> 1.9)
    terrapin (0.6.0)
      climate_control (>= 0.0.3, < 1.0)
    tzinfo (2.0.4)
      concurrent-ruby (~> 1.0)
    zeitwerk (2.4.2)

PLATFORMS
  ruby

DEPENDENCIES
  bundler (~> 2.0)
  byebug (~> 11.0)
  paperclip-vips!
  rake (~> 10.0)
  rspec (~> 3.0)

BUNDLED WITH
   2.0.2
